PATH
  remote: ..
  specs:
    ruler (0.1.0)
      rack

GEM
  remote: http://rubygems.org/
  specs:
    rack (2.2.3)

PLATFORMS
  ruby

DEPENDENCIES
  ruler!

BUNDLED WITH
   2.2.15
