GEM
  remote: https://rubygems.org/
  specs:
    ruby-units (2.3.2)
    wisper (2.0.1)

PLATFORMS
  x86_64-linux

DEPENDENCIES
  ruby-units (~> 2.3.2)
  wisper (~> 2.0)

BUNDLED WITH
   2.2.15
