GEM
  remote: https://rubygems.org/
  specs:
    coderay (1.1.3)
    method_source (1.0.0)
    pry (0.14.1)
      coderay (~> 1.1)
      method_source (~> 1.0)
    ruby-units (2.3.2)
    wisper (2.0.1)

PLATFORMS
  x86_64-linux

DEPENDENCIES
  pry
  ruby-units (~> 2.3.2)
  wisper (~> 2.0)

BUNDLED WITH
   2.2.32
